GEM
  remote: http://rubygems.org/
  specs:
    coderay (1.0.6)
    hipchat (0.4.1)
      httparty
    httparty (0.8.3)
      multi_json (~> 1.0)
      multi_xml
    json (1.7.1)
    method_source (0.7.1)
    multi_json (1.3.4)
    multi_xml (0.5.1)
    pry (0.9.9.6)
      coderay (~> 1.0.5)
      method_source (~> 0.7.1)
      slop (>= 2.4.4, < 3)
    rack (1.4.1)
    rack-protection (1.2.0)
      rack
    sinatra (1.3.2)
      rack (~> 1.3, >= 1.3.6)
      rack-protection (~> 1.2)
      tilt (~> 1.3, >= 1.3.3)
    slop (2.4.4)
    tilt (1.3.3)

PLATFORMS
  ruby

DEPENDENCIES
  hipchat
  json
  pry
  sinatra
